GEM
  remote: http://rubygems.org/
  specs:
    awesome_print (1.0.2)
    ffi (1.1.4)
    mime-types (1.19)
    nokogiri (1.5.5)
    typhoeus (0.4.2)
      ffi (~> 1.0)
      mime-types (~> 1.18)

PLATFORMS
  ruby

DEPENDENCIES
  awesome_print
  nokogiri
  typhoeus
